GEM
  remote: https://rubygems.org/
  specs:
    dotenv (2.7.6)
    faraday (1.3.0)
      faraday-net_http (~> 1.0)
      multipart-post (>= 1.2, < 3)
      ruby2_keywords
    faraday-net_http (1.0.1)
    multipart-post (2.1.1)
    ruby2_keywords (0.0.4)

PLATFORMS
  x86_64-darwin-19
  x86_64-darwin-20

DEPENDENCIES
  dotenv
  faraday

BUNDLED WITH
   2.2.4
